GEM
  remote: https://rubygems.org/
  specs:
    line-bot-api (1.28.0)
    mustermann (3.0.0)
      ruby2_keywords (~> 0.0.1)
    rack (2.2.7)
    rack-protection (3.0.6)
      rack
    ruby2_keywords (0.0.5)
    sinatra (3.0.6)
      mustermann (~> 3.0)
      rack (~> 2.2, >= 2.2.4)
      rack-protection (= 3.0.6)
      tilt (~> 2.0)
    tilt (2.1.0)

PLATFORMS
  ruby

DEPENDENCIES
  line-bot-api
  sinatra

RUBY VERSION
   ruby 3.2.2p53

BUNDLED WITH
   2.2.29
