GEM
  remote: https://rubygems.org/
  specs:
    line-bot-api (1.0.0)

PLATFORMS
  ruby

DEPENDENCIES
  line-bot-api

BUNDLED WITH
   1.13.6
