GEM
  remote: https://rubygems.org/
  specs:
    line-bot-api (1.2.1)
    mustermann (1.0.1)
    rack (2.0.3)
    rack-protection (2.0.0)
      rack
    sinatra (2.0.0)
      mustermann (~> 1.0)
      rack (~> 2.0)
      rack-protection (= 2.0.0)
      tilt (~> 2.0)
    tilt (2.0.8)

PLATFORMS
  ruby

DEPENDENCIES
  line-bot-api
  sinatra

BUNDLED WITH
   1.15.4
